GEM
  remote: http://rubygems.org/
  specs:
    activerecord (2.3.10)
      activesupport (= 2.3.10)
    activesupport (2.3.10)
    archive-tar-minitar (0.5.2)
    columnize (0.3.1)
    gemcutter (0.6.1)
    git (1.2.5)
    jeweler (1.4.0)
      gemcutter (>= 0.1.0)
      git (>= 1.2.5)
      rubyforge (>= 2.0.0)
    json_pure (1.4.6)
    linecache (0.43)
    linecache19 (0.5.11)
      ruby_core_source (>= 0.1.4)
    micronaut (0.3.0)
    pg (0.9.0)
    rake (0.8.7)
    ruby-debug (0.10.3)
      columnize (>= 0.1)
      ruby-debug-base (~> 0.10.3.0)
    ruby-debug-base (0.10.3)
      linecache (>= 0.3)
    ruby-debug-base19 (0.11.24)
      columnize (>= 0.3.1)
      linecache19 (>= 0.5.11)
      ruby_core_source (>= 0.1.4)
    ruby-debug19 (0.11.6)
      columnize (>= 0.3.1)
      linecache19 (>= 0.5.11)
      ruby-debug-base19 (>= 0.11.19)
    ruby_core_source (0.1.4)
      archive-tar-minitar (>= 0.5.2)
    rubyforge (2.0.4)
      json_pure (>= 1.1.7)

PLATFORMS
  ruby

DEPENDENCIES
  activerecord (< 3.0.0)
  jeweler
  micronaut
  pg
  rake
  ruby-debug
  ruby-debug19
